GEM
  remote: https://rubygems.org/
  specs:
    activesupport (3.2.13)
      i18n (= 0.6.1)
      multi_json (~> 1.0)
    daemons (1.1.9)
    eventmachine (1.0.3)
    i18n (0.6.1)
    multi_json (1.7.3)
    rack (1.5.2)
    rack-protection (1.5.0)
      rack
    simple-navigation (3.10.1)
      activesupport (>= 2.3.2)
    simple-navigation-bootstrap (0.0.4)
      simple-navigation (>= 3.7.0)
    sinatra (1.4.2)
      rack (~> 1.5, >= 1.5.2)
      rack-protection (~> 1.4)
      tilt (~> 1.3, >= 1.3.4)
    sinatra-simple-navigation (3.6.0)
      simple-navigation (>= 3.10.1)
    thin (1.5.0)
      daemons (>= 1.0.9)
      eventmachine (>= 0.12.6)
      rack (>= 1.0.0)
    tilt (1.4.1)

PLATFORMS
  ruby

DEPENDENCIES
  simple-navigation-bootstrap
  sinatra
  sinatra-simple-navigation
  thin
